GEM
  remote: https://rubygems.org/
  specs:
    figaro (1.2.0)
      thor (>= 0.14.0, < 2)
    rake (13.0.6)
    thor (1.2.1)

PLATFORMS
  x64-mingw-ucrt

DEPENDENCIES
  figaro
  rake

RUBY VERSION
   ruby 3.1.2p20

BUNDLED WITH
   2.3.7
